GEM
  remote: https://rubygems.org/
  specs:
    byebug (11.0.1)

PLATFORMS
  ruby

DEPENDENCIES
  byebug

RUBY VERSION
   ruby 2.5.0p0

BUNDLED WITH
   1.17.3
